PATH
  remote: .
  specs:
    rack-validate (0.1.3)
      w3c_validators

GEM
  specs:
    nokogiri (1.4.1)
    rspec (1.3.0)
    thoughtbot-shoulda (2.11.1)
    w3c_validators (1.1.1)
      nokogiri

PLATFORMS
  ruby

DEPENDENCIES
  rack-validate!
  rspec
  thoughtbot-shoulda
  w3c_validators
