PATH
  remote: .
  specs:
    rack-validate (0.1.3)
      json
      rack (>= 0.9.1)
      rake
      w3c_validators

GEM
  remote: http://rubygems.org/
  specs:
    columnize (0.3.1)
    json (1.4.6)
    linecache (0.43)
    nokogiri (1.4.3.1)
    rack (1.2.1)
    rake (0.8.7)
    rspec (1.3.1)
    ruby-debug (0.10.3)
      columnize (>= 0.1)
      ruby-debug-base (~> 0.10.3.0)
    ruby-debug-base (0.10.3)
      linecache (>= 0.3)
    thoughtbot-shoulda (2.11.1)
    w3c_validators (1.1.1)
      nokogiri

PLATFORMS
  ruby

DEPENDENCIES
  json
  rack (>= 0.9.1)
  rack-validate!
  rake
  rspec (~> 1.3)
  ruby-debug
  thoughtbot-shoulda
  w3c_validators
