GEM
  specs:
    nokogiri (1.4.1)
    rack (1.2.1)
    rspec (1.3.0)
    w3c_validators (1.1.1)
      nokogiri

PLATFORMS
  ruby

DEPENDENCIES
  rack
  rspec
  w3c_validators
